GEM
  remote: http://rubygems.org/
  specs:
    activesupport (4.0.9)
      i18n (~> 0.6, >= 0.6.9)
      minitest (~> 4.2)
      multi_json (~> 1.3)
      thread_safe (~> 0.1)
      tzinfo (~> 0.3.37)
    diff-lcs (1.1.3)
    git (1.2.5)
    haml (3.1.4)
    i18n (0.6.11)
    jeweler (1.8.3)
      bundler (~> 1.0)
      git (>= 1.2.5)
      rake
      rdoc
    json (1.6.6)
    metaclass (0.0.1)
    minitest (4.7.5)
    mocha (0.11.3)
      metaclass (~> 0.0.1)
    multi_json (1.10.1)
    rake (0.9.2.2)
    rdoc (3.12)
      json (~> 1.4)
    rspec (2.9.0)
      rspec-core (~> 2.9.0)
      rspec-expectations (~> 2.9.0)
      rspec-mocks (~> 2.9.0)
    rspec-core (2.9.0)
    rspec-expectations (2.9.1)
      diff-lcs (~> 1.1.3)
    rspec-mocks (2.9.0)
    thread_safe (0.3.4)
    tzinfo (0.3.41)

PLATFORMS
  ruby

DEPENDENCIES
  activesupport (>= 2.1)
  haml (= 3.1.4)
  jeweler
  mocha
  rake
  rspec (>= 2.2.0)
